GIT
  remote: git://github.com/rweng/jquery-datatables-rails
  revision: 494f752b8eb8350f33841c822a67d014c869219f
  specs:
    jquery-datatables-rails (1.11.2)
      jquery-rails

GIT
  remote: git://github.com/stephskardal/rails_admin_import.git
  revision: 90f967a3700f803670cc59da916cd06999a9aebf
  specs:
    rails_admin_import (0.1.8)

GEM
  remote: https://rubygems.org/
  specs:
    actionmailer (3.2.13)
      actionpack (= 3.2.13)
      mail (~> 2.5.3)
    actionpack (3.2.13)
      activemodel (= 3.2.13)
      activesupport (= 3.2.13)
      builder (~> 3.0.0)
      erubis (~> 2.7.0)
      journey (~> 1.0.4)
      rack (~> 1.4.5)
      rack-cache (~> 1.2)
      rack-test (~> 0.6.1)
      sprockets (~> 2.2.1)
    activemodel (3.2.13)
      activesupport (= 3.2.13)
      builder (~> 3.0.0)
    activerecord (3.2.13)
      activemodel (= 3.2.13)
      activesupport (= 3.2.13)
      arel (~> 3.0.2)
      tzinfo (~> 0.3.29)
    activeresource (3.2.13)
      activemodel (= 3.2.13)
      activesupport (= 3.2.13)
    activesupport (3.2.13)
      i18n (= 0.6.1)
      multi_json (~> 1.0)
    arel (3.0.2)
    awesome_print (1.1.0)
    bcrypt-ruby (3.0.1)
    bootstrap-kaminari-views (0.0.2)
      kaminari (>= 0.13)
      rails (>= 3.1)
    bootstrap-sass (2.3.2.0)
      sass (~> 3.2)
    brakeman (2.0.0)
      erubis (~> 2.6)
      fastercsv (~> 1.5)
      haml (>= 3.0, < 5.0)
      highline (~> 1.6.19)
      multi_json (~> 1.2)
      ruby2ruby (~> 2.0.5)
      ruby_parser (~> 3.1.1)
      sass (~> 3.0)
      slim (~> 1.3.6)
      terminal-table (~> 1.4)
    builder (3.0.4)
    cancan (1.6.10)
    capybara (2.1.0)
      mime-types (>= 1.16)
      nokogiri (>= 1.3.3)
      rack (>= 1.0.0)
      rack-test (>= 0.5.4)
      xpath (~> 2.0)
    climate_control (0.0.3)
      activesupport (>= 3.0)
    cocaine (0.5.1)
      climate_control (>= 0.0.3, < 1.0)
    code_analyzer (0.3.2)
      sexp_processor
    coffee-rails (3.2.2)
      coffee-script (>= 2.2.0)
      railties (~> 3.2.0)
    coffee-script (2.2.0)
      coffee-script-source
      execjs
    coffee-script-source (1.6.2)
    colored (1.2)
    commonjs (0.2.6)
    cucumber (1.3.2)
      builder (>= 2.1.2)
      diff-lcs (>= 1.1.3)
      gherkin (~> 2.12.0)
      multi_json (~> 1.3)
    cucumber-rails (1.3.1)
      capybara (>= 1.1.2)
      cucumber (>= 1.2.0)
      nokogiri (>= 1.5.0)
      rails (~> 3.0)
    daemons (1.1.9)
    database_cleaner (1.0.1)
    delayed_job (3.0.5)
      activesupport (~> 3.0)
    delayed_job_active_record (0.4.4)
      activerecord (>= 2.1.0, < 4)
      delayed_job (~> 3.0)
    devise (2.2.4)
      bcrypt-ruby (~> 3.0)
      orm_adapter (~> 0.1)
      railties (~> 3.1)
      warden (~> 1.2.1)
    diff-lcs (1.2.4)
    erubis (2.7.0)
    eventmachine (1.0.3)
    execjs (1.4.0)
      multi_json (~> 1.0)
    factory_girl (4.2.0)
      activesupport (>= 3.0.0)
    factory_girl_rails (4.2.1)
      factory_girl (~> 4.2.0)
      railties (>= 3.0.0)
    fastercsv (1.5.5)
    fattr (2.2.1)
    figaro (0.6.4)
      bundler (~> 1.0)
      rails (>= 3, < 5)
    font-awesome-rails (3.2.1.0)
      railties (>= 3.2, < 5.0)
    gherkin (2.12.0)
      multi_json (~> 1.3)
    gmail (0.4.0)
      gmail_xoauth (>= 0.3.0)
      mail (>= 2.2.1)
      mime (>= 0.1)
    gmail_xoauth (0.4.1)
      oauth (>= 0.3.6)
    haml (4.0.3)
      tilt
    highline (1.6.19)
    hike (1.2.3)
    i18n (0.6.1)
    journey (1.0.4)
    jquery-rails (3.0.1)
      railties (>= 3.0, < 5.0)
      thor (>= 0.14, < 2.0)
    jquery-ui-rails (3.0.1)
      jquery-rails
      railties (>= 3.1.0)
    json (1.8.0)
    kaminari (0.14.1)
      actionpack (>= 3.0.0)
      activesupport (>= 3.0.0)
    less (2.3.2)
      commonjs (~> 0.2.6)
    less-rails (2.3.3)
      actionpack (>= 3.1)
      less (~> 2.3.1)
    libv8 (3.11.8.17)
    mail (2.5.4)
      mime-types (~> 1.16)
      treetop (~> 1.4.8)
    mime (0.1)
    mime-types (1.23)
    mini_portile (0.5.0)
    multi_json (1.7.7)
    mysql2 (0.3.11)
    nested_form (0.3.2)
    nokogiri (1.6.0)
      mini_portile (~> 0.5.0)
    oauth (0.4.7)
    options (2.3.0)
      fattr
    orm_adapter (0.4.0)
    paperclip (2.8.0)
      activerecord (>= 2.3.0)
      activesupport (>= 2.3.2)
      cocaine (>= 0.0.2)
      mime-types
    polyglot (0.3.3)
    pr_geohash (1.0.0)
    progress_bar (1.0.0)
      highline (~> 1.6.1)
      options (~> 2.3.0)
    rack (1.4.5)
    rack-cache (1.2)
      rack (>= 0.4)
    rack-pjax (0.7.0)
      nokogiri (~> 1.5)
      rack (~> 1.3)
    rack-ssl (1.3.3)
      rack
    rack-test (0.6.2)
      rack (>= 1.0)
    rails (3.2.13)
      actionmailer (= 3.2.13)
      actionpack (= 3.2.13)
      activerecord (= 3.2.13)
      activeresource (= 3.2.13)
      activesupport (= 3.2.13)
      bundler (~> 1.0)
      railties (= 3.2.13)
    rails_admin (0.4.9)
      bootstrap-sass (~> 2.2)
      builder (~> 3.0)
      coffee-rails (>= 3.1, < 5)
      font-awesome-rails (~> 3.0)
      haml (~> 4.0)
      jquery-rails (>= 2.1, < 4)
      jquery-ui-rails (~> 3.0)
      kaminari (~> 0.14)
      nested_form (~> 0.3)
      rack-pjax (~> 0.6)
      rails (~> 3.1)
      remotipart (~> 1.0)
      safe_yaml (~> 0.6)
      sass-rails (~> 3.1)
    rails_best_practices (1.13.7)
      activesupport
      awesome_print
      code_analyzer
      colored
      erubis
      i18n
      ruby-progressbar
    railties (3.2.13)
      actionpack (= 3.2.13)
      activesupport (= 3.2.13)
      rack-ssl (~> 1.3.2)
      rake (>= 0.8.7)
      rdoc (~> 3.4)
      thor (>= 0.14.6, < 2.0)
    rake (10.0.4)
    rdoc (3.12.2)
      json (~> 1.4)
    ref (1.0.5)
    remotipart (1.0.5)
    rolify (3.2.0)
    rsolr (1.0.9)
      builder (>= 2.1.2)
    rspec-core (2.13.1)
    rspec-expectations (2.13.0)
      diff-lcs (>= 1.1.3, < 2.0)
    rspec-mocks (2.13.1)
    rspec-rails (2.13.2)
      actionpack (>= 3.0)
      activesupport (>= 3.0)
      railties (>= 3.0)
      rspec-core (~> 2.13.0)
      rspec-expectations (~> 2.13.0)
      rspec-mocks (~> 2.13.0)
    ruby-progressbar (1.1.1)
    ruby2ruby (2.0.5)
      ruby_parser (~> 3.1)
      sexp_processor (~> 4.0)
    ruby_parser (3.1.3)
      sexp_processor (~> 4.1)
    safe_yaml (0.8.6)
    sass (3.2.9)
    sass-rails (3.2.6)
      railties (~> 3.2.0)
      sass (>= 3.1.10)
      tilt (~> 1.3)
    sexp_processor (4.2.1)
    show_for (0.2.6)
      actionpack (~> 3.0)
      activemodel (~> 3.0)
    simple_form (2.0.4)
      actionpack (~> 3.0)
      activemodel (~> 3.0)
    slim (1.3.9)
      temple (~> 0.6.3)
      tilt (~> 1.3, >= 1.3.3)
    sprockets (2.2.2)
      hike (~> 1.2)
      multi_json (~> 1.0)
      rack (~> 1.0)
      tilt (~> 1.1, != 1.3.0)
    sunspot (2.0.0)
      pr_geohash (~> 1.0)
      rsolr (~> 1.0.7)
    sunspot_rails (2.0.0)
      nokogiri
      sunspot (= 2.0.0)
    sunspot_solr (2.0.0)
    switch_user (0.9.3)
    temple (0.6.5)
    terminal-table (1.4.5)
    therubyracer (0.11.4)
      libv8 (~> 3.11.8.12)
      ref
    thin (1.5.1)
      daemons (>= 1.0.9)
      eventmachine (>= 0.12.6)
      rack (>= 1.0.0)
    thor (0.18.1)
    tilt (1.4.1)
    treetop (1.4.14)
      polyglot
      polyglot (>= 0.3.1)
    twitter-bootstrap-rails (2.2.7)
      actionpack (>= 3.1)
      execjs
      rails (>= 3.1)
      railties (>= 3.1)
    tzinfo (0.3.37)
    uglifier (2.1.1)
      execjs (>= 0.3.0)
      multi_json (~> 1.0, >= 1.0.2)
    warden (1.2.1)
      rack (>= 1.0)
    xpath (2.0.0)
      nokogiri (~> 1.3)

PLATFORMS
  ruby

DEPENDENCIES
  bootstrap-kaminari-views
  brakeman
  cancan (>= 1.6.8)
  capybara
  coffee-rails (~> 3.2.1)
  commonjs
  cucumber-rails
  daemons
  database_cleaner
  delayed_job_active_record
  devise (>= 2.1.2)
  factory_girl_rails (>= 4.1.0)
  figaro (>= 0.5.0)
  gmail
  jquery-datatables-rails!
  jquery-rails
  kaminari (~> 0.14.0)
  less
  less-rails
  libv8 (~> 3.11.8)
  mail
  mime
  mysql2
  paperclip (~> 2.8)
  progress_bar
  rails (= 3.2.13)
  rails_admin (> 0.1.2)
  rails_admin_import!
  rails_best_practices
  rolify (>= 3.2.0)
  rspec-rails (~> 2.5)
  safe_yaml (= 0.8.6)
  sass-rails (~> 3.2.3)
  show_for
  simple_form (~> 2.0.0.rc)
  sunspot_rails (> 1.3.1)
  sunspot_solr
  switch_user
  therubyracer
  thin
  twitter-bootstrap-rails
  uglifier (>= 1.0.3)
